GEM
  remote: http://rubygems.org/
  specs:
    activerecord (2.3.12)
      activesupport (= 2.3.12)
    activesupport (2.3.12)
    flexmock (0.9.0)
    git (1.2.5)
    jeweler (1.6.4)
      bundler (~> 1.0)
      git (>= 1.2.5)
      rake
    json (1.5.3)
    log4r (1.1.9)
    nokogiri (1.4.3.1)
    rake (0.9.2)
    rcov (0.9.9)
    rspec (1.3.0)
    rspec_spinner (1.1.3)
      rtui
    rtui (0.2.2)

PLATFORMS
  ruby

DEPENDENCIES
  activerecord (~> 2.3.5)
  activesupport (~> 2.3.5)
  bundler (~> 1.0.0)
  flexmock
  jeweler (~> 1.6.4)
  json
  log4r
  nokogiri (~> 1.4.3.1)
  rcov
  rspec (= 1.3.0)
  rspec_spinner (= 1.1.3)
