GEM
  remote: http://rubygems.org/
  specs:
    activemodel (3.1.1)
      activesupport (= 3.1.1)
      builder (~> 3.0.0)
      i18n (~> 0.6)
    activerecord (3.1.1)
      activemodel (= 3.1.1)
      activesupport (= 3.1.1)
      arel (~> 2.2.1)
      tzinfo (~> 0.3.29)
    activesupport (3.1.1)
      multi_json (~> 1.0)
    arel (2.2.1)
    builder (3.0.0)
    diff-lcs (1.1.3)
    flexmock (0.9.0)
    git (1.2.5)
    i18n (0.6.0)
    jeweler (1.6.4)
      bundler (~> 1.0)
      git (>= 1.2.5)
      rake
    json (1.6.1)
    log4r (1.1.9)
    memcache-client (1.8.5)
    multi_json (1.0.3)
    nokogiri (1.4.7)
    rake (0.9.2.2)
    rcov (0.9.11)
    rdoc (3.11)
      json (~> 1.4)
    rspec (2.6.0)
      rspec-core (~> 2.6.0)
      rspec-expectations (~> 2.6.0)
      rspec-mocks (~> 2.6.0)
    rspec-core (2.6.4)
    rspec-expectations (2.6.0)
      diff-lcs (~> 1.1.2)
    rspec-mocks (2.6.0)
    tzinfo (0.3.30)

PLATFORMS
  ruby

DEPENDENCIES
  activerecord (~> 3.0)
  activesupport (~> 3.0)
  bundler (~> 1.0.0)
  flexmock (> 0.8.6)
  jeweler (~> 1.6.4)
  json
  log4r
  memcache-client
  nokogiri (~> 1.4.4)
  rcov
  rdoc
  rspec (= 2.6.0)
